PATH
  remote: .
  specs:
    webmate-client (0.1.1)
      coffee-script

GEM
  remote: https://rubygems.org/
  specs:
    coffee-script (2.2.0)
      coffee-script-source
      execjs
    coffee-script-source (1.6.3)
    execjs (1.4.0)
      multi_json (~> 1.0)
    multi_json (1.7.7)

PLATFORMS
  ruby

DEPENDENCIES
  webmate-client!
